GIT
  remote: https://github.com/livingsocial/rake-pipeline.git
  revision: 56bbc5d9cf7ce1b69d29d3d6af7282603dcdebba
  specs:
    rake-pipeline (0.5.0)
      rake (~> 0.9.0)
      thor

GIT
  remote: https://github.com/wycats/abbot-from-scratch.git
  revision: 29dfaa6c3c120847e61f742f74c414e4872cc142
  specs:
    sproutcore (0.0.1)

GEM
  remote: http://rubygems.org/
  specs:
    execjs (1.2.13)
      multi_json (~> 1.0)
    multi_json (1.0.4)
    rack (1.4.0)
    rake (0.9.2.2)
    thor (0.14.6)
    uglifier (1.0.4)
      execjs (>= 0.3.0)
      multi_json (>= 1.0.2)

PLATFORMS
  ruby

DEPENDENCIES
  execjs (~> 1.2.6)
  rack
  rake-pipeline!
  sproutcore!
  uglifier (~> 1.0.3)
